FRAMEWORK: >= NET45
NUGET
  remote: https://www.nuget.org/api/v2
    Elasticsearch.Net (5.0.1) - framework: net45, >= net46
    FAKE (4.50)
    NEST (5.0.1)
      Elasticsearch.Net (>= 5.0.1) - framework: net45, >= net46
      Newtonsoft.Json (>= 9.0 < 10.0) - framework: net45, >= net46
    NUnit (2.6.4)
    NUnit.Runners (2.6.4)
    With (3.0)
  remote: https://dotnet.myget.org/F/dotnet-core
    Newtonsoft.Json (9.0.1) - framework: net45, >= net46
