NUGET
  remote: https://www.nuget.org/api/v2
    Elasticsearch.Net (6.4) - restriction: || (>= net461) (>= netstandard2.0)
    FAKE (5.8.4)
    NEST (6.4)
      Elasticsearch.Net (>= 6.4 < 7.0) - restriction: || (>= net461) (>= netstandard2.0)
